GEM
  remote: https://rubygems.org/
  specs:
    base64 (0.2.0)
    dotenv (2.8.1)
    ecdsa (1.2.0)
    jwt (2.10.1)
      base64
    rack (3.1.10)
    webrick (1.9.1)

PLATFORMS
  ruby

DEPENDENCIES
  dotenv
  ecdsa
  jwt
  rack
  webrick

BUNDLED WITH
   1.17.2
