GEM
  remote: https://rubygems.org/
  specs:
    base64 (0.2.0)
    dotenv (2.8.1)
    json (2.7.6)
    jwt (2.10.1)
      base64
    rack (3.1.10)
    rackup (2.2.1)
      rack (>= 3)
    webrick (1.9.1)

PLATFORMS
  ruby

DEPENDENCIES
  dotenv
  json
  jwt
  rack
  rackup
  webrick

BUNDLED WITH
   1.17.2
