GEM
  remote: https://rubygems.org/
  specs:
    dotenv (2.8.1)
    ecdsa (1.2.0)
    jwt (2.7.1)
    rack (3.1.10)
    webrick (1.9.1)

PLATFORMS
  ruby

DEPENDENCIES
  dotenv
  ecdsa
  jwt (= 2.7.1)
  rack
  webrick

BUNDLED WITH
   1.17.2
